PATH
  remote: .
  specs:
    mvg (0.1.0)
      prometheus-client (~> 4.2)
      puma (~> 6.4)
      rack (~> 3.0)
      redis
      thor
      typhoeus (~> 1.4)

GEM
  remote: https://rubygems.org/
  specs:
    connection_pool (2.5.0)
    ethon (0.16.0)
      ffi (>= 1.15.0)
    ffi (1.16.3)
    nio4r (2.7.0)
    prometheus-client (4.2.2)
    puma (6.4.2)
      nio4r (~> 2.0)
    rack (3.0.9)
    redis (5.3.0)
      redis-client (>= 0.22.0)
    redis-client (0.23.2)
      connection_pool
    thor (1.3.0)
    typhoeus (1.4.1)
      ethon (>= 0.9.0)

PLATFORMS
  ruby

DEPENDENCIES
  mvg!

BUNDLED WITH
   2.2.22
