GEM
  remote: https://rubygems.org/
  specs:
    adsp (1.0.10)
    ast (2.4.2)
    ethon (0.16.0)
      ffi (>= 1.15.0)
    ffi (1.16.3)
    json (2.7.1)
    language_server-protocol (3.17.0.3)
    minitar (0.9)
    nio4r (2.7.0)
    parallel (1.24.0)
    parser (3.3.0.5)
      ast (~> 2.4.1)
      racc
    prometheus-client (4.2.2)
    puma (6.4.2)
      nio4r (~> 2.0)
    racc (1.7.3)
    rack (3.0.9)
    rainbow (3.1.1)
    regexp_parser (2.9.0)
    rexml (3.2.6)
    rubocop (1.60.2)
      json (~> 2.3)
      language_server-protocol (>= 3.17.0)
      parallel (~> 1.10)
      parser (>= 3.3.0.2)
      rainbow (>= 2.2.2, < 4.0)
      regexp_parser (>= 1.8, < 3.0)
      rexml (>= 3.2.5, < 4.0)
      rubocop-ast (>= 1.30.0, < 2.0)
      ruby-progressbar (~> 1.7)
      unicode-display_width (>= 2.4.0, < 3.0)
    rubocop-ast (1.30.0)
      parser (>= 3.2.1.0)
    ruby-progressbar (1.13.0)
    ruby-zstds (1.3.1)
      adsp (~> 1.0)
    typhoeus (1.4.1)
      ethon (>= 0.9.0)
    unicode-display_width (2.5.0)

PLATFORMS
  ruby

DEPENDENCIES
  minitar (~> 0.9)
  prometheus-client (~> 4.2)
  puma (~> 6.4)
  rack (~> 3.0)
  rubocop (~> 1.60)
  ruby-zstds (~> 1.3)
  typhoeus (~> 1.4)

BUNDLED WITH
   2.2.22
